GIT
  remote: https://github.com/propershark/bart_api.git
  revision: 5a7cb092806e2f2de7f03cc34536faa2cd2b6107
  specs:
    bart_api (0.1.0)
      httparty (~> 0.13)
      memoist (~> 0.14)

GEM
  remote: https://rubygems.org/
  specs:
    byebug (9.1.0)
    coderay (1.1.1)
    et-orbi (1.0.5)
      tzinfo
    eventmachine (1.2.5)
    httparty (0.15.6)
      multi_xml (>= 0.5.2)
    json (2.1.0)
    memoist (0.16.0)
    method_source (0.8.2)
    multi_xml (0.6.0)
    pry (0.10.4)
      coderay (~> 1.1.0)
      method_source (~> 0.8.1)
      slop (~> 3.4)
    pry-byebug (3.5.0)
      byebug (~> 9.1)
      pry (~> 0.10)
    rufus-scheduler (3.4.2)
      et-orbi (~> 1.0)
    slop (3.6.0)
    thread_safe (0.3.6)
    trollop (2.1.2)
    tzinfo (1.2.3)
      thread_safe (~> 0.1)
    wamp_client (0.0.8)
      json
      websocket-eventmachine-client
    websocket (1.2.4)
    websocket-eventmachine-base (1.2.0)
      eventmachine (~> 1.0)
      websocket (~> 1.0)
      websocket-native (~> 1.0)
    websocket-eventmachine-client (1.2.0)
      websocket-eventmachine-base (~> 1.0)
    websocket-native (1.0.0)

PLATFORMS
  ruby

DEPENDENCIES
  bart_api!
  eventmachine
  httparty
  pry
  pry-byebug
  rufus-scheduler
  trollop
  wamp_client

BUNDLED WITH
   1.14.6
